GEM
  remote: https://rubygems.org/
  specs:
    colorize (0.7.7)
    timeout (0.0.1)
      timeout-extensions
    timeout-extensions (0.0.0)

PLATFORMS
  ruby

DEPENDENCIES
  colorize
  timeout
